GEM
  remote: https://rubygems.org/
  specs:
    daemons (1.3.1)
    digest-crc (0.6.3)
      rake (>= 12.0.0, < 14.0.0)
    json (2.5.1)
    rake (13.0.3)
    ruby-kafka (1.3.0)
      digest-crc

PLATFORMS
  ruby

DEPENDENCIES
  daemons
  json
  ruby-kafka

BUNDLED WITH
   1.16.3
