GEM
  remote: https://rubygems.org/
  specs:
    avro (1.10.1)
      multi_json (~> 1)
    avro_turf (1.3.0)
      avro (>= 1.7.7, < 1.11)
      excon (~> 0.71)
    daemons (1.3.1)
    digest-crc (0.6.3)
      rake (>= 12.0.0, < 14.0.0)
    excon (0.78.1)
    json (2.5.1)
    multi_json (1.15.0)
    mustermann (1.1.1)
      ruby2_keywords (~> 0.0.1)
    rack (2.2.3)
    rack-protection (2.1.0)
      rack
    rake (13.0.3)
    ruby-kafka (1.3.0)
      digest-crc
    ruby2_keywords (0.0.4)
    sinatra (2.1.0)
      mustermann (~> 1.0)
      rack (~> 2.2)
      rack-protection (= 2.1.0)
      tilt (~> 2.0)
    tilt (2.0.10)

PLATFORMS
  ruby

DEPENDENCIES
  avro_turf
  daemons
  json
  ruby-kafka
  sinatra

BUNDLED WITH
   1.17.3
