GEM
  remote: https://rubygems.org/
  specs:
    avro (1.10.1)
      multi_json (~> 1)
    avro_turf (1.3.0)
      avro (>= 1.7.7, < 1.11)
      excon (~> 0.71)
    daemons (1.3.1)
    digest-crc (0.6.3)
      rake (>= 12.0.0, < 14.0.0)
    excon (0.78.1)
    json (2.5.1)
    multi_json (1.15.0)
    rake (13.0.3)
    ruby-kafka (1.3.0)
      digest-crc

PLATFORMS
  ruby

DEPENDENCIES
  avro_turf
  daemons
  json
  ruby-kafka

BUNDLED WITH
   1.16.3
